GEM
  remote: https://rubygems.org/
  specs:
    minitest (5.10.3)
    objc-dependency-tree-generator (0.1.1)
    rake (12.2.1)

PLATFORMS
  ruby

DEPENDENCIES
  minitest
  objc-dependency-tree-generator (~> 0.1.1)
  rake

BUNDLED WITH
   1.16.0
